GEM
  remote: http://rubygems.org/
  specs:
    activesupport (3.0.3)
    builder (2.1.2)
    diff-lcs (1.1.2)
    i18n (0.4.2)
    rack (1.2.1)
    rack-post-body-to-params (0.1.3)
      activesupport (>= 2.3)
    rack-test (0.5.6)
      rack (>= 1.0)
    rspec (2.0.1)
      rspec-core (~> 2.0.1)
      rspec-expectations (~> 2.0.1)
      rspec-mocks (~> 2.0.1)
    rspec-core (2.0.1)
    rspec-expectations (2.0.1)
      diff-lcs (>= 1.1.2)
    rspec-mocks (2.0.1)
      rspec-core (~> 2.0.1)
      rspec-expectations (~> 2.0.1)
    sinatra (1.1.0)
      rack (~> 1.1)
      tilt (~> 1.1)
    tilt (1.1)

PLATFORMS
  ruby

DEPENDENCIES
  builder
  i18n
  rack-post-body-to-params
  rack-test
  rspec
  sinatra
